NUGET
  remote: https://www.nuget.org/api/v2
  specs:
    ApprovalTests (3.0.7)
      ApprovalUtilities (>= 0)
    ApprovalUtilities (3.0.7)
    AspNetWebApi.SelfHost (4.0.20710.0)
      Microsoft.AspNet.WebApi.SelfHost (>= 4.0.20710.0 <  4.1)
    Autofac (3.5.2)
    Autofac.WebApi (3.1.0)
      Autofac (>= 3.1.0)
    DataAnnotationsExtensions (1.1.0.0)
    DotNetZip (1.9.3)
    HtmlTags (2.1.0.183)
    Microsoft.AspNet.Razor (3.2.2)
    Microsoft.AspNet.WebApi.Client (5.2.2)
      Microsoft.Net.Http (>= 2.2.22) - portable-7.0
      Newtonsoft.Json (>= 6.0.4) - net45
      Newtonsoft.Json (>= 6.0.4) - portable-7.0
    Microsoft.AspNet.WebApi.Core (5.2.2)
      Microsoft.AspNet.WebApi.Client (>= 5.2.2)
    Microsoft.AspNet.WebApi.SelfHost (4.0.30506.0)
      Microsoft.AspNet.WebApi.Core (>= 4.0.20710.0)
    Microsoft.AspNet.WebApi.WebHost (5.2.2)
      Microsoft.AspNet.WebApi.Core (>= 5.2.2 <  5.3.0)
    Microsoft.AspNet.WebPages (3.2.2)
      Microsoft.AspNet.Razor (>= 3.2.2 <  3.3.0)
      Microsoft.Web.Infrastructure (>= 1.0.0.0)
    Microsoft.Bcl (1.1.9)
      Microsoft.Bcl.Build (>= 1.0.14)
    Microsoft.Bcl.Build (1.0.21)
    Microsoft.CompilerServices.AsyncTargetingPack (1.0.1)
    Microsoft.Data.Edm (5.6.3)
    Microsoft.Data.OData (5.6.3)
      Microsoft.Data.Edm (5.6.3)
      System.Spatial (5.6.3)
    Microsoft.Data.Services.Client (5.6.3)
      Microsoft.Data.OData (5.6.3)
    Microsoft.Net.Http (2.2.28)
      Microsoft.Bcl (>= 1.1.9)
      Microsoft.Bcl.Build (>= 1.0.14)
    Microsoft.Web.Infrastructure (1.0.0.0)
    Microsoft.WindowsAzure.ConfigurationManager (2.0.3)
    Newtonsoft.Json (6.0.4)
    openfilesystem (1.0.0.61263243)
    Paket (0.13.1)
    protobuf-net (2.0.0.480)
    RabbitMQ.Client (3.3.2)
    RavenDB.Client (2.5.2939)
      Microsoft.CompilerServices.AsyncTargetingPack (>= 0)
    RavenDB.Database (2.5.2939)
      Microsoft.CompilerServices.AsyncTargetingPack (>= 0)
      Microsoft.Data.Edm (>= 5.2)
      Microsoft.Data.Edm (>= 5.2) - net45
      Microsoft.Data.OData (>= 5.2)
      Microsoft.Data.OData (>= 5.2) - net45
      Microsoft.WindowsAzure.ConfigurationManager (>= 1.8)
      Microsoft.WindowsAzure.ConfigurationManager (>= 1.8) - net45
      System.Spatial (>= 5.2)
      System.Spatial (>= 5.2) - net45
      WindowsAzure.Storage (>= 2.0)
      WindowsAzure.Storage (>= 2.0) - net45
    RavenDB.Embedded (2.5.2939)
      RavenDB.Client (2.5.2939)
      RavenDB.Database (2.5.2939)
    RazorEngine (3.4.1)
      Microsoft.AspNet.Razor (>= 3.0.0)
    RazorMachine (2.6.1)
    Serilog (1.4.10)
    Serilog.Extras.AppSettings (1.4.15)
      Serilog (>= 0)
    System.Spatial (5.6.3)
    Tavis.UriTemplates (0.4)
    WebActivator (1.5.3)
      Microsoft.Web.Infrastructure (>= 1.0.0.0)
    WebApiContrib.Formatting.Html (2.0.0)
      Microsoft.AspNet.WebApi.Core (>= 5.0.0)
    WebApiContrib.Formatting.Razor (2.2.0.0)
      RazorEngine (>= 3.4.0)
      WebApiContrib.Formatting.Html (>= 2.0.0)
    WindowsAzure.Storage (4.3.0)
      Microsoft.Data.OData (>= 5.6.2)
      Microsoft.Data.OData (>= 5.6.2) - net40
      Microsoft.Data.Services.Client (>= 5.6.2) - net40
      Microsoft.WindowsAzure.ConfigurationManager (>= 1.8.0.0) - net40
      Newtonsoft.Json (>= 5.0.8)
      Newtonsoft.Json (>= 5.0.8) - net40
    xunit (1.9.2)
  remote: http://nuget.nice.org.uk/nuget
  specs:
    NICE.Auth (3.3.18.0)
      WebActivator (>= 1.5.1)
    NICE.Logging (4.0.58.0)
      RabbitMQ.Client (>= 3.3.2)
      Serilog (>= 1.4.10)
      riemann-csharp (>= 1.0.0)
    Poe (1.0.9.0)
      AspNetWebApi.SelfHost (>= 4.0.20710.0)
      Autofac.WebApi (>= 3.0.1)
      DataAnnotationsExtensions (>= 1.1.0.0)
      DotNetZip (>= 1.9.2)
      HtmlTags (>= 1.2.0.150)
      Microsoft.AspNet.WebApi.WebHost (>= 4.0.20710.0)
      Microsoft.AspNet.WebPages (>= 2.0.30506.0)
      NICE.Auth (>= 3.2.1.0)
      NICE.Logging (>= 3.1.0.0)
      RavenDB.Embedded (>= 2.5.2700)
      RazorMachine (>= 2.5)
      Tavis.UriTemplates (>= 0.1.1)
      WebApiContrib.Formatting.Razor (>= 0.9.6)
      openfilesystem (>= 1.0.0.61263243)
    riemann-csharp (1.0.99)
      protobuf-net (>= 2.0.0.480)
